GEM
  remote: https://rubygems.org/
  specs:
    activesupport (5.1.1)
      concurrent-ruby (~> 1.0, >= 1.0.2)
      i18n (~> 0.7)
      minitest (~> 5.1)
      tzinfo (~> 1.1)
    aws-sdk (2.9.25)
      aws-sdk-resources (= 2.9.25)
    aws-sdk-core (2.9.25)
      aws-sigv4 (~> 1.0)
      jmespath (~> 1.0)
    aws-sdk-resources (2.9.25)
      aws-sdk-core (= 2.9.25)
    aws-sigv4 (1.0.0)
    backports (3.8.0)
    clbustos-rtf (0.4.2)
    concurrent-ruby (1.0.5)
    daru (0.1.5)
      backports
    formatador (0.2.5)
    gnuplotrb (0.3.4)
      hamster (~> 3.0)
    hamster (3.0.0)
      concurrent-ruby (~> 1.0)
    i18n (0.8.1)
    jmespath (1.3.1)
    mikon (0.1.3)
      formatador (~> 0.2.5)
      nmatrix (~> 0.2.0)
    minitest (5.10.2)
    nmatrix (0.2.3)
      packable (~> 1.3, >= 1.3.5)
    nyaplot (0.2.0.rc1)
      mikon (~> 0.1.2.rc1)
    packable (1.3.8)
      backports
    prawn (0.8.4)
      prawn-core (>= 0.8.4, < 0.9)
      prawn-layout (>= 0.8.4, < 0.9)
      prawn-security (>= 0.8.4, < 0.9)
    prawn-core (0.8.4)
    prawn-layout (0.8.4)
    prawn-security (0.8.4)
    prawn-svg (0.9.1.11)
      prawn (>= 0.8.4)
    reportbuilder (1.4.2)
      clbustos-rtf (~> 0.4.0)
      prawn (~> 0.8.4)
      prawn-svg (~> 0.9.1)
      text-table (~> 1.2)
    ruby-ole (1.2.12.1)
    spreadsheet (1.1.4)
      ruby-ole (>= 1.0)
    text-table (1.2.4)
    thread_safe (0.3.6)
    tzinfo (1.2.3)
      thread_safe (~> 0.1)

PLATFORMS
  ruby

DEPENDENCIES
  activesupport (~> 5.1, >= 5.1.1)
  aws-sdk (~> 2.7, >= 2.7.15)
  daru (~> 0.1.5)
  gnuplotrb (~> 0.3.4)
  hamster (~> 3.0)
  nyaplot (~> 0.2.0.rc1)
  reportbuilder (~> 1.4, >= 1.4.2)
  spreadsheet (~> 1.1, >= 1.1.4)

BUNDLED WITH
   1.15.0
